PATH
  remote: .
  specs:
    i18n_yaml_sort (0.2.0)
      activesupport (>= 4.2.0)

GEM
  remote: https://rubygems.org/
  specs:
    activesupport (7.0.4.2)
      concurrent-ruby (~> 1.0, >= 1.0.2)
      i18n (>= 1.6, < 2)
      minitest (>= 5.1)
      tzinfo (~> 2.0)
    concurrent-ruby (1.2.0)
    i18n (1.12.0)
      concurrent-ruby (~> 1.0)
    minitest (5.14.3)
    rake (13.0.3)
    tzinfo (2.0.6)
      concurrent-ruby (~> 1.0)

PLATFORMS
  x86_64-darwin-20
  x86_64-linux

DEPENDENCIES
  bundler (~> 2.2.7)
  i18n_yaml_sort!
  minitest (~> 5.14)
  rake (~> 13.0)

BUNDLED WITH
   2.2.8
